PATH
  remote: .
  specs:
    rack-robotz (0.0.2)
      rack

GEM
  remote: https://rubygems.org/
  specs:
    gem-release (0.5.5)
    rack (1.5.2)
    rake (10.0.4)

PLATFORMS
  ruby

DEPENDENCIES
  gem-release
  rack-robotz!
  rake
